PATH
  remote: .
  specs:
    hj7 (0.8.0)
      albino
      coffee-script
      compass
      jammit
      jekyll
      jekyll-tagging
      rake
      redcarpet (~> 2.0.0b3)
      slim

GEM
  remote: http://rubygems.org/
  specs:
    POpen4 (0.1.4)
      Platform (>= 0.4.0)
      open4
    Platform (0.4.0)
    albino (1.3.3)
      posix-spawn (>= 0.3.6)
    chunky_png (1.2.5)
    classifier (1.3.3)
      fast-stemmer (>= 1.0.0)
    coffee-script (2.2.0)
      coffee-script-source
      execjs
    coffee-script-source (1.2.0)
    compass (0.11.6)
      chunky_png (~> 1.2)
      fssm (>= 0.2.7)
      sass (~> 3.1)
    directory_watcher (1.4.1)
    execjs (1.2.13)
      multi_json (~> 1.0)
    fast-stemmer (1.0.0)
    fssm (0.2.7)
    jammit (0.6.5)
      yui-compressor (>= 0.9.3)
    jekyll (0.11.2)
      albino (~> 1.3)
      classifier (~> 1.3)
      directory_watcher (~> 1.1)
      kramdown (~> 0.13)
      liquid (~> 2.3)
      maruku (~> 0.5)
    jekyll-tagging (0.2.0)
      ruby-nuggets
    kramdown (0.13.4)
    liquid (2.3.0)
    maruku (0.6.0)
      syntax (>= 1.0.0)
    multi_json (1.0.4)
    open4 (1.3.0)
    posix-spawn (0.3.6)
    rake (0.9.2.2)
    redcarpet (2.0.1)
    ruby-nuggets (0.8.2)
    sass (3.1.12)
    slim (1.0.4)
      temple (~> 0.3.4)
      tilt (~> 1.3.2)
    syntax (1.0.0)
    temple (0.3.4)
    tilt (1.3.3)
    yui-compressor (0.9.6)
      POpen4 (>= 0.1.4)

PLATFORMS
  ruby

DEPENDENCIES
  hj7!
