PATH
  remote: .
  specs:
    hj7 (0.1.0)
      compass
      growl
      jammit
      jekyll
      jekyll-tagging
      rake

GEM
  remote: http://rubygems.org/
  specs:
    POpen4 (0.1.4)
      Platform (>= 0.4.0)
      open4
    Platform (0.4.0)
    albino (1.3.3)
      posix-spawn (>= 0.3.6)
    chunky_png (1.2.0)
    classifier (1.3.3)
      fast-stemmer (>= 1.0.0)
    compass (0.11.5)
      chunky_png (~> 1.2)
      fssm (>= 0.2.7)
      sass (~> 3.1)
    directory_watcher (1.4.0)
    fast-stemmer (1.0.0)
    fssm (0.2.7)
    growl (1.0.3)
    jammit (0.6.3)
      yui-compressor (>= 0.9.3)
    jekyll (0.11.0)
      albino (>= 1.3.2)
      classifier (>= 1.3.1)
      directory_watcher (>= 1.1.1)
      kramdown (>= 0.13.2)
      liquid (>= 1.9.0)
      maruku (>= 0.5.9)
    jekyll-tagging (0.2.0)
      ruby-nuggets
    kramdown (0.13.3)
    liquid (2.2.2)
    maruku (0.6.0)
      syntax (>= 1.0.0)
    open4 (1.1.0)
    posix-spawn (0.3.6)
    rake (0.9.2)
    ruby-nuggets (0.7.4)
    sass (3.1.5)
    syntax (1.0.0)
    yui-compressor (0.9.6)
      POpen4 (>= 0.1.4)

PLATFORMS
  ruby

DEPENDENCIES
  hj7!
